GEM
  remote: http://rubygems.org/
  specs:
    redis (3.2.2)
    sqlite3 (1.3.12)

PLATFORMS
  ruby

DEPENDENCIES
  redis
  sqlite3

BUNDLED WITH
   1.12.5
